GEM
  remote: https://rubygems.org/
  specs:
    base64 (0.2.0)
    bitters (1.1.0)
      bourbon (>= 4.2)
      sass (>= 3.4)
      thor
    bourbon (4.2.3)
      sass (~> 3.4)
      thor
    coderay (1.1.3)
    coffee-script (2.4.1)
      coffee-script-source
      execjs
    coffee-script-source (1.12.2)
    concurrent-ruby (1.3.5)
    execjs (2.10.0)
    ffi (1.9.25-java)
    haml (6.3.0)
      temple (>= 0.8.2)
      thor
      tilt
    kramdown (2.5.1)
      rexml (>= 3.3.9)
    method_source (1.1.0)
    mustermann (2.0.2)
      ruby2_keywords (~> 0.0.1)
    neat (1.7.2)
      bourbon (>= 4.0)
      sass (>= 3.3)
    nio4r (2.7.4-java)
    nokogiri (1.18.8-java)
      racc (~> 1.4)
    pry (0.15.2-java)
      coderay (~> 1.1)
      method_source (~> 1.0)
      spoon (~> 0.0)
    puma (6.6.0-java)
      nio4r (~> 2.0)
    racc (1.8.1-java)
    rack (2.2.13)
    rack-protection (2.2.4)
      rack
    rack-test (2.2.0)
      rack (>= 1.3)
    rake (12.3.3)
    rb-fsevent (0.11.2)
    rb-inotify (0.11.1)
      ffi (~> 1.0)
    rexml (3.4.1)
    ruby2_keywords (0.0.5)
    sass (3.7.4)
      sass-listen (~> 4.0.0)
    sass-listen (4.0.0)
      rb-fsevent (~> 0.9, >= 0.9.4)
      rb-inotify (~> 0.9, >= 0.9.7)
    saxon-xslt (0.8.2.2-java)
    schematronium (0.1.4-java)
      nokogiri (~> 1.6)
      saxon-xslt (~> 0.7)
    sinatra (2.2.4)
      mustermann (~> 2.0)
      rack (~> 2.2)
      rack-protection (= 2.2.4)
      tilt (~> 2.0)
    sinatra-asset-pipeline (2.2.1)
      coffee-script (~> 2.4)
      rake (~> 12.3)
      sass (~> 3.5)
      sinatra (~> 2.0)
      sprockets (~> 3.7)
      sprockets-helpers (~> 1.2)
    sinatra-partial (1.0.1)
      sinatra (>= 1.4)
    spoon (0.0.6)
      ffi
    sprockets (3.7.5)
      base64
      concurrent-ruby (~> 1.0)
      rack (> 1, < 3)
    sprockets-helpers (1.4.0)
      sprockets (>= 2.2)
    temple (0.10.3)
    therubyrhino (2.1.2)
      therubyrhino_jar (>= 1.7.4, < 1.7.9)
    therubyrhino_jar (1.7.8)
    thor (1.3.2)
    tilt (2.6.0)
    uglifier (4.2.1)
      execjs (>= 0.3.0, < 3)
    yard (0.9.37)
    yard-sinatra (1.0.0)
      yard (~> 0.7)

PLATFORMS
  universal-java-23

DEPENDENCIES
  bitters (= 1.1.0)
  bourbon (= 4.2.3)
  ffi (~> 1.9.24)
  haml
  kramdown
  neat (= 1.7.2)
  nokogiri (~> 1.18.4)
  pry
  puma
  rack-test
  rake
  saxon-xslt
  schematronium (~> 0.1.0)
  sinatra
  sinatra-asset-pipeline
  sinatra-partial
  sprockets
  therubyrhino
  uglifier
  yard
  yard-sinatra

BUNDLED WITH
   2.4.22
